GEM
  remote: https://rubygems.org/
  specs:
    base64 (0.1.0)
    openssl (2.2.0)

PLATFORMS
  x86_64-linux

DEPENDENCIES
  base64 (~> 0.1.0)
  openssl (~> 2.2)

BUNDLED WITH
   2.2.27
